GEM
  remote: https://rubygems.org/
  specs:
    backports (3.3.0)
    better_errors (0.8.0)
      coderay (>= 1.0.0)
      erubis (>= 2.6.6)
    coderay (1.0.9)
    erubis (2.7.0)
    eventmachine (1.0.3)
    method_source (0.8.1)
    pry (0.9.12)
      coderay (~> 1.0.5)
      method_source (~> 0.8)
      slop (~> 3.4)
    rack (1.5.2)
    rack-protection (1.5.0)
      rack
    rack-test (0.6.2)
      rack (>= 1.0)
    sinatra (1.3.0)
      rack (~> 1.3)
      rack-protection (~> 1.1)
      tilt (~> 1.3)
    sinatra-contrib (1.3.2)
      backports (>= 2.0)
      eventmachine
      rack-protection
      rack-test
      sinatra (~> 1.3.0)
      tilt (~> 1.3)
    slop (3.4.4)
    tilt (1.3.7)

PLATFORMS
  ruby

DEPENDENCIES
  better_errors
  erubis
  pry
  sinatra (= 1.3.0)
  sinatra-contrib
